PATH
  remote: .
  specs:
    besepa (0.1)
      faraday (~> 0.9)
      faraday_middleware (~> 0.9)

GEM
  remote: https://rubygems.org/
  specs:
    addressable (2.3.6)
    crack (0.4.2)
      safe_yaml (~> 1.0.0)
    diff-lcs (1.2.5)
    faraday (0.9.1)
      multipart-post (>= 1.2, < 3)
    faraday_middleware (0.9.1)
      faraday (>= 0.7.4, < 0.10)
    multipart-post (2.0.0)
    rake (10.3.2)
    rspec (3.1.0)
      rspec-core (~> 3.1.0)
      rspec-expectations (~> 3.1.0)
      rspec-mocks (~> 3.1.0)
    rspec-core (3.1.7)
      rspec-support (~> 3.1.0)
    rspec-expectations (3.1.2)
      diff-lcs (>= 1.2.0, < 2.0)
      rspec-support (~> 3.1.0)
    rspec-mocks (3.1.3)
      rspec-support (~> 3.1.0)
    rspec-support (3.1.2)
    safe_yaml (1.0.4)
    webmock (1.20.4)
      addressable (>= 2.3.6)
      crack (>= 0.3.2)

PLATFORMS
  ruby

DEPENDENCIES
  besepa!
  bundler (~> 1.3)
  rake
  rspec (~> 3.1)
  webmock (~> 1.20)
